{
    "TaskName": "pain",
    "Manufacturer": "Brain Products",
    "PowerLineFrequency": 50.0,
    "SamplingFrequency": 10000.0,
    "SoftwareFilters": "n/a",
    "RecordingDuration": 100.0,
    "RecordingType": "continuous",
    "EEGReference": "n/a",
    "EEGGround": "n/a",
    "EEGPlacementScheme": "n/a",
    "EEGChannelCount": 104,
    "EOGChannelCount": 2,
    "ECGChannelCount": 1,
    "EMGChannelCount": 0,
    "MiscChannelCount": 1,
    "TriggerChannelCount": 1
}
